GEM
  remote: https://rubygems.org/
  specs:
    em-websocket (0.5.2)
      eventmachine (>= 0.12.9)
      http_parser.rb (~> 0.6.0)
    eventmachine (1.2.7)
    http_parser.rb (0.6.0)

PLATFORMS
  x86_64-darwin-20

DEPENDENCIES
  em-websocket

BUNDLED WITH
   2.2.31
